GEM
  specs:
    coderay (1.1.3)
    method_source (1.0.0)
    nio4r (2.5.8)
    pry (0.14.1)
      coderay (~> 1.1)
      method_source (~> 1.0)
    pry-nav (1.0.0)
      pry (>= 0.9.10, < 0.15)
    puma (5.6.4)
      nio4r (~> 2.0)

PLATFORMS
  ruby

DEPENDENCIES
  pry
  pry-nav
  puma

BUNDLED WITH
   2.2.22
